GEM
  specs:
    blomming_api (0.0.3)
    trollop (2.0)

PLATFORMS
  ruby

DEPENDENCIES
  blomming_api
  trollop
